GIT
  remote: https://github.com/BLEUROY-HIGHCO/slackistrano.git
  revision: ca9997619ce28e9e1b8962134e186991fb0bbf69
  branch: master
  specs:
    slackistrano (3.1.0)
      capistrano (>= 3.5.0)

GIT
  remote: https://github.com/capistrano/capistrano.git
  revision: d1d6b5eedcb01844639e627c6b8821a6c1be5a39
  branch: master
  specs:
    capistrano (3.8.2)
      airbrussh (>= 1.0.0)
      i18n
      rake (>= 10.0.0)
      sshkit (>= 1.9.0)

GEM
  remote: https://rubygems.org/
  specs:
    airbrussh (1.3.0)
      sshkit (>= 1.6.1, != 1.7.0)
    capistrano-composer (0.0.6)
      capistrano (>= 3.0.0.pre)
    capistrano-file-permissions (1.0.0)
      capistrano (~> 3.0)
    capistrano-gulp (0.0.2)
      capistrano (~> 3.0)
    capistrano-npm (1.0.2)
      capistrano (>= 3.0.0)
    capistrano-symfony (1.0.0.rc2)
      capistrano (~> 3.1)
      capistrano-composer (~> 0.0.3)
      capistrano-file-permissions (~> 1.0)
    capistrano-yarn (2.0.2)
      capistrano (~> 3.0)
    i18n (0.8.4)
    net-scp (1.2.1)
      net-ssh (>= 2.6.5)
    net-ssh (4.1.0)
    rake (12.0.0)
    sshkit (1.13.1)
      net-scp (>= 1.1.2)
      net-ssh (>= 2.8.0)

PLATFORMS
  ruby

DEPENDENCIES
  capistrano!
  capistrano-composer
  capistrano-gulp (~> 0.0.2)
  capistrano-npm
  capistrano-symfony (~> 1.0.0.rc2)
  capistrano-yarn
  slackistrano!

BUNDLED WITH
   1.15.1
